GEM
  remote: https://rubygems.org/
  specs:
    dotenv (3.1.2)
    faraday (2.10.0)
      faraday-net_http (>= 2.0, < 3.2)
      logger
    faraday-net_http (3.1.0)
      net-http
    logger (1.6.0)
    net-http (0.4.1)
      uri
    uri (0.13.0)

PLATFORMS
  arm64-darwin-21

DEPENDENCIES
  dotenv
  faraday

RUBY VERSION
   ruby 3.2.2p53

BUNDLED WITH
   2.4.10
